GIT
  remote: https://github.com/sequre/mtik.git
  revision: f5aeec8469831db733d4a2c84b3fa776251b7ddf
  branch: master
  specs:
    mtik (4.0.3)

GEM
  remote: https://rubygems.org/
  specs:
    activesupport (5.2.4.3)
      concurrent-ruby (~> 1.0, >= 1.0.2)
      i18n (>= 0.7, < 2)
      minitest (~> 5.1)
      tzinfo (~> 1.1)
    amazing_print (1.2.2)
    byebug (11.0.1)
    concurrent-ruby (1.1.7)
    i18n (1.8.5)
      concurrent-ruby (~> 1.0)
    irb (1.0.0)
    minitest (5.14.2)
    rack (2.2.3)
    rake (12.3.2)
    thread_safe (0.3.6)
    tzinfo (1.2.8)
      thread_safe (~> 0.1)

PLATFORMS
  ruby

DEPENDENCIES
  activesupport
  amazing_print
  byebug
  irb
  mtik!
  rack
  rake

BUNDLED WITH
   2.1.4
