GIT
  remote: https://github.com/sequre/mtik.git
  revision: f5aeec8469831db733d4a2c84b3fa776251b7ddf
  branch: master
  specs:
    mtik (4.0.3)

GEM
  remote: https://rubygems.org/
  specs:
    activesupport (6.1.7.1)
      concurrent-ruby (~> 1.0, >= 1.0.2)
      i18n (>= 1.6, < 2)
      minitest (>= 5.1)
      tzinfo (~> 2.0)
      zeitwerk (~> 2.3)
    amazing_print (1.2.2)
    byebug (11.0.1)
    concurrent-ruby (1.1.10)
    i18n (1.12.0)
      concurrent-ruby (~> 1.0)
    irb (1.0.0)
    minitest (5.17.0)
    rack (2.2.3)
    rake (12.3.2)
    tzinfo (2.0.5)
      concurrent-ruby (~> 1.0)
    zeitwerk (2.6.6)

PLATFORMS
  ruby

DEPENDENCIES
  activesupport
  amazing_print
  byebug
  irb
  mtik!
  rack
  rake

BUNDLED WITH
   2.1.4
